GEM
  remote: https://rubygems.org/
  specs:
    colorize (0.7.7)
    foreman (0.78.0)
      thor (~> 0.19.1)
    net-scp (1.2.1)
      net-ssh (>= 2.6.5)
    net-ssh (3.0.1)
    rake (12.3.1)
    sshkit (1.7.1)
      colorize (>= 0.7.0)
      net-scp (>= 1.1.2)
      net-ssh (>= 2.8.0)
    thor (0.19.1)

PLATFORMS
  ruby

DEPENDENCIES
  foreman
  rake
  sshkit

RUBY VERSION
   ruby 2.5.3p105

BUNDLED WITH
   1.17.3
