GEM
  remote: https://rubygems.org/
  specs:
    foreman (0.87.2)
    rake (13.0.6)

PLATFORMS
  ruby

DEPENDENCIES
  foreman
  rake

BUNDLED WITH
   2.1.4
