GEM
  remote: https://rubygems.org/
  specs:
    colorize (0.8.1)
    foreman (0.85.0)
      thor (~> 0.19.1)
    net-scp (1.2.1)
      net-ssh (>= 2.6.5)
    net-ssh (5.2.0)
    rake (12.3.2)
    sshkit (1.7.1)
      colorize (>= 0.7.0)
      net-scp (>= 1.1.2)
      net-ssh (>= 2.8.0)
    thor (0.19.4)

PLATFORMS
  ruby

DEPENDENCIES
  foreman
  rake
  sshkit (~> 1.7.1)

RUBY VERSION
   ruby 2.6.5p114

BUNDLED WITH
   1.17.3
